GEM
  remote: https://rubygems.org/
  specs:
    SassyLists (2.2.5)
      sass (~> 3.3)
    autoprefixer-rails (6.5.3)
      execjs
    bootstrap (4.0.0.alpha5)
      autoprefixer-rails (>= 6.0.3)
      sass (>= 3.4.19)
    chunky_png (1.3.8)
    compass (1.0.3)
      chunky_png (~> 1.2)
      compass-core (~> 1.0.2)
      compass-import-once (~> 1.0.5)
      rb-fsevent (>= 0.9.3)
      rb-inotify (>= 0.9)
      sass (>= 3.3.13, < 3.5)
    compass-core (1.0.3)
      multi_json (~> 1.0)
      sass (>= 3.3.0, < 3.5)
    compass-import-once (1.0.5)
      sass (>= 3.2, < 3.5)
    execjs (2.7.0)
    ffi (1.9.14)
    multi_json (1.12.1)
    rb-fsevent (0.9.8)
    rb-inotify (0.9.7)
      ffi (>= 0.5.0)
    sass (3.4.22)
    sassy-maps (0.4.0)
      sass (~> 3.3)
    sassy-strings (1.0.0)
      compass (>= 0.12.2)

PLATFORMS
  ruby

DEPENDENCIES
  SassyLists (>= 2.2.5)
  bootstrap (~> 4.0.0.alpha05)
  compass (>= 1.0.3)
  sass (>= 3.4.22)
  sassy-maps (>= 0.4.0)
  sassy-strings (>= 1.0.0)

BUNDLED WITH
   1.15.0
